GEM
  remote: https://rubygems.org/
  specs:
    minitest (5.13.0)
    parallel (1.19.1)

PLATFORMS
  ruby

DEPENDENCIES
  minitest (~> 5.13)
  parallel (~> 1.19)

BUNDLED WITH
   2.0.2
